FRAMEWORK: NET451
NUGET
  remote: https://www.nuget.org/api/v2
    Newtonsoft.Json (10.0.2)
